PATH
  remote: .
  specs:
    barcode_server (0.1.0)
      barby (~> 0.5)
      cairo (~> 1.12)
      chunky_png (~> 1.2)
      rqrcode (~> 0.4)

GEM
  remote: http://rubygems.org/
  specs:
    barby (0.5.0)
    cairo (1.12.2)
      pkg-config
    chunky_png (1.2.6)
    diff-lcs (1.1.3)
    nokogiri (1.5.5)
    pkg-config (1.1.4)
    rack (1.4.1)
    rack-test (0.6.1)
      rack (>= 1.0)
    rqrcode (0.4.2)
    rspec (2.11.0)
      rspec-core (~> 2.11.0)
      rspec-expectations (~> 2.11.0)
      rspec-mocks (~> 2.11.0)
    rspec-core (2.11.1)
    rspec-expectations (2.11.2)
      diff-lcs (~> 1.1.3)
    rspec-mocks (2.11.2)

PLATFORMS
  ruby

DEPENDENCIES
  barcode_server!
  nokogiri
  rack-test
  rspec
